GEM
  remote: http://rubygems.org/
  specs:
    ffi (1.0.11)
    libv8 (3.3.10.4)
    therubyracer (0.10.1)
      libv8 (~> 3.3.10)

PLATFORMS
  ruby

DEPENDENCIES
  ffi
  therubyracer
